GEM
  remote: http://rubygems.org/
  specs:
    minitest (4.0.0)

PLATFORMS
  ruby

DEPENDENCIES
  minitest
